PATH
  remote: .
  specs:
    static (1.0.2)
      addressable (~> 2.2)
      caldecott-client (~> 0.0.2)
      cf-uaa-lib (~> 1.3.8)
      clouseau (~> 0.0)
      interact (~> 0.5)
      json_pure (~> 1.6)
      mothership (>= 0.5.1, < 1.0)
      multi_json (~> 1.3)
      multipart-post (~> 1.1)
      rest-client (~> 1.6)
      rubyzip (~> 0.9)
      uuidtools (~> 2.1)

GEM
  remote: http://rubygems.org/
  specs:
    addressable (2.3.4)
    caldecott-client (0.0.2)
      multi_json (~> 1.3)
    cf-uaa-lib (1.3.10)
      multi_json
    clouseau (0.0.2)
      rubyzip (~> 0.9.9)
    crack (0.3.2)
    diff-lcs (1.2.3)
    interact (0.5.2)
    json_pure (1.7.7)
    mime-types (1.22)
    mothership (0.5.1)
    multi_json (1.7.2)
    multipart-post (1.2.0)
    rake (0.9.6)
    rest-client (1.6.7)
      mime-types (>= 1.16)
    rr (1.0.5)
    rspec (2.13.0)
      rspec-core (~> 2.13.0)
      rspec-expectations (~> 2.13.0)
      rspec-mocks (~> 2.13.0)
    rspec-core (2.13.1)
    rspec-expectations (2.13.0)
      diff-lcs (>= 1.1.3, < 2.0)
    rspec-mocks (2.13.1)
    rubyzip (0.9.9)
    uuidtools (2.1.3)
    webmock (1.11.0)
      addressable (>= 2.2.7)
      crack (>= 0.3.2)

PLATFORMS
  ruby

DEPENDENCIES
  rake (~> 0.9)
  rr (~> 1.0)
  rspec (~> 2.11)
  static!
  webmock (~> 1.9)
